GIT
  remote: https://github.com/QueueClassic/queue_classic.git
  revision: 4cdc9b8e804badf7dea7078dd81092972d292c14
  branch: master
  specs:
    queue_classic (3.2.0.RC1)
      pg (>= 0.17, < 2.0)

GIT
  remote: https://github.com/bigcartel/rack-contrib.git
  revision: b5253f9debdaee1622eb25c80ace2c142d1e4a96
  branch: master
  specs:
    rack-contrib (1.5.0)
      rack (>= 1.4)

GIT
  remote: https://github.com/matthewd/rb-inotify.git
  revision: 856730aad4b285969e8dd621e44808a7c5af4242
  branch: close-handling
  specs:
    rb-inotify (0.9.9)
      ffi (~> 1.0)

GIT
  remote: https://github.com/matthewd/websocket-client-simple.git
  revision: e161305f1a466b9398d86df3b1731b03362da91b
  branch: close-race
  specs:
    websocket-client-simple (0.3.0)
      event_emitter
      websocket

GIT
  remote: https://github.com/robin850/sdoc.git
  revision: 0e340352f3ab2f196c8a8743f83c2ee286e4f71c
  branch: upgrade
  specs:
    sdoc (1.0.0.rc2)
      rdoc (~> 5.0)

PATH
  remote: .
  specs:
    actioncable (5.2.0.beta2)
      actionpack (= 5.2.0.beta2)
      nio4r (~> 2.0)
      websocket-driver (~> 0.6.1)
    actionmailer (5.2.0.beta2)
      actionpack (= 5.2.0.beta2)
      actionview (= 5.2.0.beta2)
      activejob (= 5.2.0.beta2)
      mail (~> 2.5, >= 2.5.4)
      rails-dom-testing (~> 2.0)
    actionpack (5.2.0.beta2)
      actionview (= 5.2.0.beta2)
      activesupport (= 5.2.0.beta2)
      rack (~> 2.0)
      rack-test (>= 0.6.3)
      rails-dom-testing (~> 2.0)
      rails-html-sanitizer (~> 1.0, >= 1.0.2)
    actionview (5.2.0.beta2)
      activesupport (= 5.2.0.beta2)
      builder (~> 3.1)
      erubi (~> 1.4)
      rails-dom-testing (~> 2.0)
      rails-html-sanitizer (~> 1.0, >= 1.0.3)
    activejob (5.2.0.beta2)
      activesupport (= 5.2.0.beta2)
      globalid (>= 0.3.6)
    activemodel (5.2.0.beta2)
      activesupport (= 5.2.0.beta2)
    activerecord (5.2.0.beta2)
      activemodel (= 5.2.0.beta2)
      activesupport (= 5.2.0.beta2)
      arel (>= 9.0)
    activestorage (5.2.0.beta2)
      actionpack (= 5.2.0.beta2)
      activerecord (= 5.2.0.beta2)
    activesupport (5.2.0.beta2)
      concurrent-ruby (~> 1.0, >= 1.0.2)
      i18n (~> 0.7)
      minitest (~> 5.1)
      tzinfo (~> 1.1)
    rails (5.2.0.beta2)
      actioncable (= 5.2.0.beta2)
      actionmailer (= 5.2.0.beta2)
      actionpack (= 5.2.0.beta2)
      actionview (= 5.2.0.beta2)
      activejob (= 5.2.0.beta2)
      activemodel (= 5.2.0.beta2)
      activerecord (= 5.2.0.beta2)
      activestorage (= 5.2.0.beta2)
      activesupport (= 5.2.0.beta2)
      bundler (>= 1.3.0)
      railties (= 5.2.0.beta2)
      sprockets-rails (>= 2.0.0)
    railties (5.2.0.beta2)
      actionpack (= 5.2.0.beta2)
      activesupport (= 5.2.0.beta2)
      method_source
      rake (>= 0.8.7)
      thor (>= 0.18.1, < 2.0)

GEM
  remote: https://rubygems.org/
  specs:
    acme_challenge (0.1.0)
    activerecord-jdbc-adapter (52.1-java)
      activerecord (~> 5.2.0)
    activerecord-jdbcmysql-adapter (52.1-java)
      activerecord-jdbc-adapter (= 52.1)
      jdbc-mysql (~> 5.1.36)
    activerecord-jdbcpostgresql-adapter (52.1-java)
      activerecord-jdbc-adapter (= 52.1)
      jdbc-postgres (>= 9.4, < 43)
    activerecord-jdbcsqlite3-adapter (52.1-java)
      activerecord-jdbc-adapter (= 52.1)
      jdbc-sqlite3 (~> 3.8, < 3.30)
    addressable (2.5.2)
      public_suffix (>= 2.0.2, < 4.0)
    amq-protocol (2.3.0)
    anemone (0.7.2)
      nokogiri (>= 1.3.0)
      robotex (>= 1.0.0)
    archive-zip (0.11.0)
      io-like (~> 0.3.0)
    arel (9.0.0)
    ast (2.4.0)
    aws-eventstream (1.0.1)
    aws-partitions (1.127.0)
    aws-sdk-core (3.44.1)
      aws-eventstream (~> 1.0)
      aws-partitions (~> 1.0)
      aws-sigv4 (~> 1.0)
      jmespath (~> 1.0)
    aws-sdk-kms (1.13.0)
      aws-sdk-core (~> 3, >= 3.39.0)
      aws-sigv4 (~> 1.0)
    aws-sdk-s3 (1.30.0)
      aws-sdk-core (~> 3, >= 3.39.0)
      aws-sdk-kms (~> 1)
      aws-sigv4 (~> 1.0)
    aws-sigv4 (1.0.3)
    azure-core (0.1.15)
      faraday (~> 0.9)
      faraday_middleware (~> 0.10)
      nokogiri (~> 1.6)
    azure-storage (0.15.0.preview)
      azure-core (~> 0.1)
      faraday (~> 0.9)
      faraday_middleware (~> 0.10)
      nokogiri (~> 1.6, >= 1.6.8)
    backburner (1.5.0)
      beaneater (~> 1.0)
      concurrent-ruby (~> 1.0, >= 1.0.1)
      dante (> 0.1.5)
    bcrypt (3.1.12)
    bcrypt (3.1.12-java)
    bcrypt (3.1.12-x64-mingw32)
    bcrypt (3.1.12-x86-mingw32)
    beaneater (1.0.0)
    benchmark-ips (2.7.2)
    blade (0.7.1)
      activesupport (>= 3.0.0)
      blade-qunit_adapter (~> 2.0.1)
      coffee-script
      coffee-script-source
      curses (~> 1.0.0)
      eventmachine
      faye
      sprockets (>= 3.0)
      thin (>= 1.6.0)
      thor (>= 0.19.1)
      useragent (~> 0.16.7)
    blade-qunit_adapter (2.0.1)
    blade-sauce_labs_plugin (0.7.3)
      childprocess
      faraday
      selenium-webdriver
    bootsnap (1.3.2)
      msgpack (~> 1.0)
    bootsnap (1.3.2-java)
      msgpack (~> 1.0)
    builder (3.2.3)
    bunny (2.9.2)
      amq-protocol (~> 2.3.0)
    byebug (10.0.2)
    capybara (2.18.0)
      addressable
      mini_mime (>= 0.1.3)
      nokogiri (>= 1.3.3)
      rack (>= 1.0.0)
      rack-test (>= 0.5.4)
      xpath (>= 2.0, < 4.0)
    childprocess (0.9.0)
      ffi (~> 1.0, >= 1.0.11)
    chromedriver-helper (2.1.0)
      archive-zip (~> 0.10)
      nokogiri (~> 1.8)
    coderay (1.1.2)
    coffee-rails (4.2.2)
      coffee-script (>= 2.2.0)
      railties (>= 4.0.0)
    coffee-script (2.4.1)
      coffee-script-source
      execjs
    coffee-script-source (1.12.2)
    colorator (1.1.0)
    colorize (0.8.1)
    concurrent-ruby (1.1.4)
    connection_pool (2.2.2)
    cookiejar (0.3.3)
    crass (1.0.4)
    curses (1.0.2)
    daemons (1.3.1)
    dalli (2.7.9)
    dante (0.2.0)
    declarative (0.0.10)
    declarative-option (0.1.0)
    delayed_job (4.1.5)
      activesupport (>= 3.0, < 5.3)
    delayed_job_active_record (4.1.3)
      activerecord (>= 3.0, < 5.3)
      delayed_job (>= 3.0, < 5)
    diff-lcs (1.3)
    digest-crc (0.4.1)
    docset (0.1.0)
      sqlite3 (~> 1.3)
    em-http-request (1.1.5)
      addressable (>= 2.3.4)
      cookiejar (!= 0.3.1)
      em-socksify (>= 0.3)
      eventmachine (>= 1.0.3)
      http_parser.rb (>= 0.6.0)
    em-socksify (0.3.2)
      eventmachine (>= 1.0.0.beta.4)
    em-websocket (0.5.1)
      eventmachine (>= 0.12.9)
      http_parser.rb (~> 0.6.0)
    erubi (1.8.0)
    et-orbi (1.1.6)
      tzinfo
    ethon (0.11.0)
      ffi (>= 1.3.0)
    event_emitter (0.2.6)
    eventmachine (1.2.7)
    eventmachine (1.2.7-java)
    eventmachine (1.2.7-x64-mingw32)
    eventmachine (1.2.7-x86-mingw32)
    execjs (2.7.0)
    faraday (0.15.4)
      multipart-post (>= 1.2, < 3)
    faraday_middleware (0.12.2)
      faraday (>= 0.7.4, < 1.0)
    faye (1.2.4)
      cookiejar (>= 0.3.0)
      em-http-request (>= 0.3.0)
      eventmachine (>= 0.12.0)
      faye-websocket (>= 0.9.1)
      multi_json (>= 1.0.0)
      rack (>= 1.0.0)
      websocket-driver (>= 0.5.1)
    faye-websocket (0.10.7)
      eventmachine (>= 0.12.0)
      websocket-driver (>= 0.5.1)
    ffi (1.9.25)
    ffi (1.9.25-java)
    ffi (1.9.25-x64-mingw32)
    ffi (1.9.25-x86-mingw32)
    forwardable-extended (2.6.0)
    fugit (1.1.6)
      et-orbi (~> 1.1, >= 1.1.6)
      raabro (~> 1.1)
    gherkin (5.1.0)
    globalid (0.4.1)
      activesupport (>= 4.2.0)
    google-api-client (0.27.1)
      addressable (~> 2.5, >= 2.5.1)
      googleauth (>= 0.5, < 0.8.0)
      httpclient (>= 2.8.1, < 3.0)
      mime-types (~> 3.0)
      representable (~> 3.0)
      retriable (>= 2.0, < 4.0)
      signet (~> 0.10)
    google-cloud-core (1.2.7)
      google-cloud-env (~> 1.0)
    google-cloud-env (1.0.5)
      faraday (~> 0.11)
    google-cloud-storage (1.15.0)
      digest-crc (~> 0.4)
      google-api-client (~> 0.23)
      google-cloud-core (~> 1.2)
      googleauth (~> 0.6.2)
    googleauth (0.6.7)
      faraday (~> 0.12)
      jwt (>= 1.4, < 3.0)
      memoist (~> 0.16)
      multi_json (~> 1.11)
      os (>= 0.9, < 2.0)
      signet (~> 0.7)
    gtt-downloader (0.1.8)
      capybara
      chromedriver-helper
      selenium-webdriver
    hiredis (0.6.3)
    hiredis (0.6.3-java)
    html-proofer (3.7.5)
      activesupport (>= 4.2, < 6.0)
      addressable (~> 2.3)
      colorize (~> 0.8)
      mercenary (~> 0.3.2)
      nokogiri (~> 1.7)
      parallel (~> 1.3)
      typhoeus (~> 0.7)
      yell (~> 2.0)
    http_parser.rb (0.6.0)
    http_parser.rb (0.6.0-java)
    httpclient (2.8.3)
    i18n (0.9.5)
      concurrent-ruby (~> 1.0)
    image_size (2.0.0)
    io-like (0.3.0)
    jaro_winkler (1.5.1)
    jaro_winkler (1.5.1-java)
    jdbc-mysql (5.1.47)
    jdbc-postgres (42.1.4)
    jdbc-sqlite3 (3.20.1)
    jekyll (3.8.5)
      addressable (~> 2.4)
      colorator (~> 1.0)
      em-websocket (~> 0.5)
      i18n (~> 0.7)
      jekyll-sass-converter (~> 1.0)
      jekyll-watch (~> 2.0)
      kramdown (~> 1.14)
      liquid (~> 4.0)
      mercenary (~> 0.3.3)
      pathutil (~> 0.9)
      rouge (>= 1.7, < 4)
      safe_yaml (~> 1.0)
    jekyll-sass-converter (1.5.2)
      sass (~> 3.4)
    jekyll-watch (2.1.2)
      listen (~> 3.0)
    jmespath (1.4.0)
    json (2.1.0)
    json (2.1.0-java)
    jwt (2.1.0)
    kindlerb (1.2.0)
      mustache
      nokogiri
    kramdown (1.17.0)
    libxml-ruby (3.1.0)
    liquid (4.0.1)
    listen (3.1.5)
      rb-fsevent (~> 0.9, >= 0.9.4)
      rb-inotify (~> 0.9, >= 0.9.7)
      ruby_dep (~> 1.2)
    log4r (1.1.10)
    loofah (2.2.3)
      crass (~> 1.0.2)
      nokogiri (>= 1.5.9)
    mail (2.7.1)
      mini_mime (>= 0.1.1)
    memoist (0.16.0)
    mercenary (0.3.6)
    metaclass (0.0.4)
    method_source (0.9.2)
    mime-types (3.2.2)
      mime-types-data (~> 3.2015)
    mime-types-data (3.2018.0812)
    mini_magick (4.9.2)
    mini_mime (1.0.1)
    mini_portile2 (2.4.0)
    minitest (5.10.3)
    minitest-bisect (1.4.0)
      minitest-server (~> 1.0)
      path_expander (~> 1.0)
    minitest-server (1.0.5)
      minitest (~> 5.0)
    mocha (1.7.0)
      metaclass (~> 0.0.1)
    mono_logger (1.1.0)
    msgpack (1.2.4)
    msgpack (1.2.4-java)
    msgpack (1.2.4-x64-mingw32)
    msgpack (1.2.4-x86-mingw32)
    multi_json (1.13.1)
    multipart-post (2.0.0)
    mustache (1.1.0)
    mustermann (1.0.3)
    mysql2 (0.5.2)
    mysql2 (0.5.2-x64-mingw32)
    mysql2 (0.5.2-x86-mingw32)
    newrelic_rpm (5.6.0.349)
    nio4r (2.3.1)
    nio4r (2.3.1-java)
    nokogiri (1.9.1)
      mini_portile2 (~> 2.4.0)
    nokogiri (1.9.1-java)
    nokogiri (1.9.1-x64-mingw32)
      mini_portile2 (~> 2.4.0)
    nokogiri (1.9.1-x86-mingw32)
      mini_portile2 (~> 2.4.0)
    os (1.0.0)
    parallel (1.12.1)
    parser (2.5.3.0)
      ast (~> 2.4.0)
    path_expander (1.0.3)
    pathutil (0.16.2)
      forwardable-extended (~> 2.6)
    pg (1.1.3)
    pg (1.1.3-x64-mingw32)
    pg (1.1.3-x86-mingw32)
    powerpack (0.1.2)
    pry (0.12.2)
      coderay (~> 1.1.0)
      method_source (~> 0.9.0)
    pry (0.12.2-java)
      coderay (~> 1.1.0)
      method_source (~> 0.9.0)
      spoon (~> 0.0)
    pry-byebug (3.6.0)
      byebug (~> 10.0)
      pry (~> 0.10)
    psych (2.2.4)
    public_suffix (3.0.3)
    puma (3.12.0)
    puma (3.12.0-java)
    que (0.14.3)
    qunit-selenium (0.0.4)
      selenium-webdriver
      thor
    raabro (1.1.6)
    racc (1.4.14)
    rack (2.0.6)
    rack-cache (1.8.0)
      rack (>= 0.4)
    rack-jekyll (0.3.5)
      jekyll
      rack
    rack-protection (2.0.5)
      rack
    rack-rewrite (1.5.1)
    rack-test (1.1.0)
      rack (>= 1.0, < 3)
    rails-dom-testing (2.0.3)
      activesupport (>= 4.2.0)
      nokogiri (>= 1.6)
    rails-html-sanitizer (1.0.4)
      loofah (~> 2.2, >= 2.2.2)
    rainbow (3.0.0)
    rake (12.3.2)
    rb-fsevent (0.10.3)
    rb-readline (0.5.5)
    rdoc (5.1.0)
    redcarpet (3.2.3)
    redis (4.1.0)
    redis-namespace (1.6.0)
      redis (>= 3.0.4)
    representable (3.0.4)
      declarative (< 0.1.0)
      declarative-option (< 0.2.0)
      uber (< 0.2.0)
    resque (1.27.4)
      mono_logger (~> 1.0)
      multi_json (~> 1.0)
      redis-namespace (~> 1.3)
      sinatra (>= 0.9.2)
      vegas (~> 0.1.2)
    resque-scheduler (4.3.1)
      mono_logger (~> 1.0)
      redis (>= 3.3, < 5)
      resque (~> 1.26)
      rufus-scheduler (~> 3.2)
    retriable (3.1.2)
    robotex (1.0.0)
    rouge (3.3.0)
    rspec (3.8.0)
      rspec-core (~> 3.8.0)
      rspec-expectations (~> 3.8.0)
      rspec-mocks (~> 3.8.0)
    rspec-core (3.8.0)
      rspec-support (~> 3.8.0)
    rspec-expectations (3.8.2)
      diff-lcs (>= 1.2.0, < 2.0)
      rspec-support (~> 3.8.0)
    rspec-mocks (3.8.0)
      diff-lcs (>= 1.2.0, < 2.0)
      rspec-support (~> 3.8.0)
    rspec-support (3.8.0)
    rubocop (0.61.1)
      jaro_winkler (~> 1.5.1)
      parallel (~> 1.10)
      parser (>= 2.5, != 2.5.1.1)
      powerpack (~> 0.1)
      rainbow (>= 2.2.2, < 4.0)
      ruby-progressbar (~> 1.7)
      unicode-display_width (~> 1.4.0)
    ruby-progressbar (1.10.0)
    ruby_dep (1.5.0)
    rubyzip (1.2.2)
    rufus-scheduler (3.5.2)
      fugit (~> 1.1, >= 1.1.5)
    safe_yaml (1.0.4)
    sass (3.7.2)
      sass-listen (~> 4.0.0)
    sass-listen (4.0.0)
      rb-fsevent (~> 0.9, >= 0.9.4)
      rb-inotify (~> 0.9, >= 0.9.7)
    sass-rails (5.0.7)
      railties (>= 4.0.0, < 6)
      sass (~> 3.1)
      sprockets (>= 2.8, < 4.0)
      sprockets-rails (>= 2.0, < 4.0)
      tilt (>= 1.1, < 3)
    selenium-webdriver (3.141.0)
      childprocess (~> 0.5)
      rubyzip (~> 1.2, >= 1.2.2)
    sequel (5.15.0)
    serverengine (2.0.7)
      sigdump (~> 0.2.2)
    sidekiq (5.2.3)
      connection_pool (~> 2.2, >= 2.2.2)
      rack-protection (>= 1.5.0)
      redis (>= 3.3.5, < 5)
    sigdump (0.2.4)
    signet (0.11.0)
      addressable (~> 2.3)
      faraday (~> 0.9)
      jwt (>= 1.5, < 3.0)
      multi_json (~> 1.10)
    sinatra (2.0.5)
      mustermann (~> 1.0)
      rack (~> 2.0)
      rack-protection (= 2.0.5)
      tilt (~> 2.0)
    sneakers (2.7.0)
      bunny (~> 2.9.2)
      concurrent-ruby (~> 1.0)
      serverengine (~> 2.0.5)
      thor
    spoon (0.0.6)
      ffi
    sprockets (3.7.2)
      concurrent-ruby (~> 1.0)
      rack (> 1, < 3)
    sprockets-export (1.0.0)
    sprockets-rails (3.2.1)
      actionpack (>= 4.0)
      activesupport (>= 4.0)
      sprockets (>= 3.0.0)
    sqlite3 (1.3.13)
    sqlite3 (1.3.13-x64-mingw32)
    sqlite3 (1.3.13-x86-mingw32)
    stackprof (0.2.12)
    sucker_punch (2.1.1)
      concurrent-ruby (~> 1.0)
    thin (1.7.2)
      daemons (~> 1.0, >= 1.0.9)
      eventmachine (~> 1.0, >= 1.0.4)
      rack (>= 1, < 3)
    thor (0.20.3)
    thread_safe (0.3.6)
    thread_safe (0.3.6-java)
    tilt (2.0.9)
    turbolinks (5.2.0)
      turbolinks-source (~> 5.2)
    turbolinks-source (5.2.0)
    turnip (3.1.0)
      gherkin (~> 5.0)
      rspec (>= 3.0, < 4.0)
    typhoeus (0.8.0)
      ethon (>= 0.8.0)
    tzinfo (1.2.5)
      thread_safe (~> 0.1)
    tzinfo-data (1.2018.9)
      tzinfo (>= 1.0.0)
    uber (0.1.0)
    uglifier (4.1.20)
      execjs (>= 0.3.0, < 3)
    unicode-display_width (1.4.1)
    useragent (0.16.10)
    vegas (0.1.11)
      rack (>= 1.0.0)
    w3c_validators (1.3.4)
      json (>= 1.8)
      nokogiri (~> 1.6)
    wdm (0.1.1)
    websocket (1.2.8)
    websocket-driver (0.6.5)
      websocket-extensions (>= 0.1.0)
    websocket-driver (0.6.5-java)
      websocket-extensions (>= 0.1.0)
    websocket-extensions (0.1.3)
    wraith (4.0.1)
      anemone
      image_size
      log4r
      parallel
      rake
      robotex
      thor
    xpath (3.2.0)
      nokogiri (~> 1.8)
    yell (2.0.7)

PLATFORMS
  java
  ruby
  x64-mingw32
  x86-mingw32

DEPENDENCIES
  acme_challenge
  activerecord-jdbcmysql-adapter (>= 1.3.0)
  activerecord-jdbcpostgresql-adapter (>= 1.3.0)
  activerecord-jdbcsqlite3-adapter (>= 1.3.0)
  aws-sdk-s3
  azure-storage
  backburner
  bcrypt (~> 3.1.11)
  benchmark-ips
  blade
  blade-sauce_labs_plugin
  bootsnap (>= 1.1.0)
  byebug
  capybara (~> 2.15)
  chromedriver-helper
  coffee-rails
  dalli (>= 2.2.1)
  delayed_job
  delayed_job_active_record
  docset
  google-cloud-storage (~> 1.8)
  gtt-downloader
  hiredis
  html-proofer
  jekyll
  json (>= 2.0.0)
  kindlerb (~> 1.2.0)
  kramdown
  libxml-ruby
  listen (>= 3.0.5, < 3.2)
  mini_magick
  minitest (~> 5.10.0)
  minitest-bisect
  mocha
  mysql2 (>= 0.4.4)
  newrelic_rpm
  nokogiri (>= 1.8.1)
  pg (>= 0.18.0)
  pry-byebug
  psych (~> 2.0)
  puma
  que
  queue_classic!
  qunit-selenium
  racc (>= 1.4.6)
  rack-cache (~> 1.2)
  rack-contrib!
  rack-jekyll
  rack-rewrite (~> 1.5.0)
  rails!
  rake (>= 11.1)
  rb-inotify!
  rb-readline
  redcarpet (~> 3.2.3)
  redis (~> 4.0)
  redis-namespace
  resque
  resque-scheduler
  rspec
  rubocop (>= 0.47)
  sass-rails
  sdoc!
  sequel
  sidekiq
  sneakers
  sprockets-export
  stackprof
  sucker_punch
  turbolinks (~> 5)
  turnip
  tzinfo-data
  uglifier (>= 1.3.0)
  w3c_validators
  wdm (>= 0.1.0)
  websocket-client-simple!
  wraith

RUBY VERSION
   ruby 2.5.1p57

BUNDLED WITH
   1.16.3
