GEM
  remote: https://rubygems.org/
  specs:
    acme_challenge (0.1.0)
    addressable (2.8.1)
      public_suffix (>= 2.0.2, < 6.0)
    byebug (11.1.3)
    coderay (1.1.3)
    colorator (1.1.0)
    concurrent-ruby (1.1.10)
    crass (1.0.6)
    docset (0.1.0)
      sqlite3 (~> 1.3)
    em-websocket (0.5.3)
      eventmachine (>= 0.12.9)
      http_parser.rb (~> 0)
    erubi (1.12.0)
    ethon (0.16.0)
      ffi (>= 1.15.0)
    eventmachine (1.2.7)
    ffi (1.15.5)
    forwardable-extended (2.6.0)
    google-protobuf (3.21.12)
    google-protobuf (3.21.12-x86_64-linux)
    html-proofer (4.4.3)
      addressable (~> 2.3)
      mercenary (~> 0.3)
      nokogiri (~> 1.13)
      parallel (~> 1.10)
      rainbow (~> 3.0)
      typhoeus (~> 1.3)
      yell (~> 2.0)
      zeitwerk (~> 2.5)
    http_parser.rb (0.8.0)
    i18n (1.12.0)
      concurrent-ruby (~> 1.0)
    jekyll (4.3.1)
      addressable (~> 2.4)
      colorator (~> 1.0)
      em-websocket (~> 0.5)
      i18n (~> 1.0)
      jekyll-sass-converter (>= 2.0, < 4.0)
      jekyll-watch (~> 2.0)
      kramdown (~> 2.3, >= 2.3.1)
      kramdown-parser-gfm (~> 1.0)
      liquid (~> 4.0)
      mercenary (>= 0.3.6, < 0.5)
      pathutil (~> 0.9)
      rouge (>= 3.0, < 5.0)
      safe_yaml (~> 1.0)
      terminal-table (>= 1.8, < 4.0)
      webrick (~> 1.7)
    jekyll-sass-converter (3.0.0)
      sass-embedded (~> 1.54)
    jekyll-watch (2.2.1)
      listen (~> 3.0)
    json (2.6.3)
    kindlerb (1.2.0)
      mustache
      nokogiri
    kramdown (2.4.0)
      rexml
    kramdown-parser-gfm (1.1.0)
      kramdown (~> 2.0)
    liquid (4.0.4)
    listen (3.8.0)
      rb-fsevent (~> 0.10, >= 0.10.3)
      rb-inotify (~> 0.9, >= 0.9.10)
    loofah (2.19.1)
      crass (~> 1.0.2)
      nokogiri (>= 1.5.9)
    mercenary (0.4.0)
    method_source (1.0.0)
    mini_portile2 (2.8.1)
    mustache (1.1.1)
    newrelic_rpm (8.15.0)
    nio4r (2.5.8)
    nokogiri (1.13.10)
      mini_portile2 (~> 2.8.0)
      racc (~> 1.4)
    nokogiri (1.13.10-x86_64-linux)
      racc (~> 1.4)
    parallel (1.22.1)
    pathutil (0.16.2)
      forwardable-extended (~> 2.6)
    power_assert (2.0.3)
    pry (0.13.1)
      coderay (~> 1.1)
      method_source (~> 1.0)
    pry-byebug (3.9.0)
      byebug (~> 11.0)
      pry (~> 0.13.0)
    psych (5.0.1)
      stringio
    public_suffix (5.0.1)
    puma (6.0.2)
      nio4r (~> 2.0)
    racc (1.6.2)
    rack (2.2.5)
    rack-cache (1.13.0)
      rack (>= 0.4)
    rack-contrib (2.3.0)
      rack (~> 2.0)
    rack-jekyll (0.3.5)
      jekyll
      rack
    rack-rewrite (1.5.1)
    rack-test (2.0.2)
      rack (>= 1.3)
    rails-html-sanitizer (1.4.4)
      loofah (~> 2.19, >= 2.19.1)
    rainbow (3.1.1)
    rake (13.0.6)
    rb-fsevent (0.11.2)
    rb-inotify (0.10.1)
      ffi (~> 1.0)
    rdoc (6.5.0)
      psych (>= 4.0.0)
    redcarpet (3.5.1)
    rexml (3.2.5)
    rouge (3.30.0)
    safe_yaml (1.0.5)
    sass-embedded (1.54.6)
      google-protobuf (~> 3.19)
      rake (>= 10.0.0)
    sdoc (2.6.0)
      rdoc (>= 5.0)
    sqlite3 (1.5.4)
      mini_portile2 (~> 2.8.0)
    sqlite3 (1.5.4-x86_64-linux)
    stringio (3.0.4)
    terminal-table (3.0.2)
      unicode-display_width (>= 1.1.1, < 3)
    test-unit (3.5.7)
      power_assert
    typhoeus (1.4.0)
      ethon (>= 0.9.0)
    unicode-display_width (2.4.2)
    w3c_validators (1.3.7)
      json (>= 1.8)
      nokogiri (~> 1.6)
      rexml (~> 3.2)
    webrick (1.7.0)
    yell (2.2.2)
    zeitwerk (2.6.6)

PLATFORMS
  ruby
  x86_64-linux

DEPENDENCIES
  acme_challenge
  docset
  erubi
  html-proofer
  jekyll
  kindlerb
  kramdown
  newrelic_rpm
  pry-byebug
  puma
  rack-cache
  rack-contrib
  rack-jekyll
  rack-rewrite
  rack-test
  rails-html-sanitizer
  rake
  redcarpet
  sdoc
  test-unit
  w3c_validators

RUBY VERSION
   ruby 2.6.2p47

BUNDLED WITH
   2.1.2
